PATH
  remote: .
  specs:
    moment (0.0.1)
      aws-sdk (~> 1.0)
      gli (= 2.5.6)
      highline

GEM
  remote: http://rubygems.org/
  specs:
    addressable (2.3.4)
    aruba (0.5.3)
      childprocess (>= 0.3.6)
      cucumber (>= 1.1.1)
      rspec-expectations (>= 2.7.0)
    aws-sdk (1.11.0)
      json (~> 1.4)
      nokogiri (>= 1.4.4)
      uuidtools (~> 2.1)
    builder (3.2.1)
    childprocess (0.3.9)
      ffi (~> 1.0, >= 1.0.11)
    coderay (1.0.9)
    crack (0.3.2)
    cucumber (1.3.2)
      builder (>= 2.1.2)
      diff-lcs (>= 1.1.3)
      gherkin (~> 2.12.0)
      multi_json (~> 1.3)
    diff-lcs (1.2.4)
    ffi (1.8.1)
    formatador (0.2.4)
    gherkin (2.12.0)
      multi_json (~> 1.3)
    gli (2.5.6)
    guard (1.7.0)
      formatador (>= 0.2.4)
      listen (>= 0.6.0)
      lumberjack (>= 1.0.2)
      pry (>= 0.9.10)
      thor (>= 0.14.6)
    guard-cucumber (1.4.0)
      cucumber (>= 1.2.0)
      guard (>= 1.1.0)
    guard-rspec (2.5.3)
      guard (>= 1.1)
      rspec (~> 2.11)
    highline (1.6.19)
    json (1.8.0)
    listen (0.7.3)
    lumberjack (1.0.3)
    method_source (0.8.1)
    mini_portile (0.5.1)
    multi_json (1.7.4)
    nokogiri (1.6.0)
      mini_portile (~> 0.5.0)
    pry (0.9.12)
      coderay (~> 1.0.5)
      method_source (~> 0.8)
      slop (~> 3.4)
    rake (10.0.4)
    rb-fsevent (0.9.3)
    rdoc (4.0.1)
      json (~> 1.4)
    rspec (2.13.0)
      rspec-core (~> 2.13.0)
      rspec-expectations (~> 2.13.0)
      rspec-mocks (~> 2.13.0)
    rspec-core (2.13.1)
    rspec-expectations (2.13.0)
      diff-lcs (>= 1.1.3, < 2.0)
    rspec-mocks (2.13.1)
    slop (3.4.4)
    thor (0.18.1)
    uuidtools (2.1.4)
    vcr (2.5.0)
    webmock (1.8.11)
      addressable (>= 2.2.7)
      crack (>= 0.1.7)

PLATFORMS
  ruby

DEPENDENCIES
  aruba
  guard
  guard-cucumber
  guard-rspec
  moment!
  rake
  rb-fsevent
  rdoc
  rspec
  vcr
  webmock
